PATH
  remote: .
  specs:
    xml_schema (0.1.2)

GEM
  remote: http://rubygems.org/
  specs:

PLATFORMS
  ruby

DEPENDENCIES
  xml_schema!
